GIT
  remote: git://github.com/galetahub/awesome_nested_set.git
  revision: 6c98d59faf3a9de4dc62ba2e34059189cd4799d4
  specs:
    awesome_nested_set (1.5.0)
      activerecord (>= 3.0.0)

GEM
  remote: http://rubygems.org/
  specs:
    activemodel (3.0.4)
      activesupport (= 3.0.4)
      builder (~> 2.1.2)
      i18n (~> 0.4)
    activerecord (3.0.4)
      activemodel (= 3.0.4)
      activesupport (= 3.0.4)
      arel (~> 2.0.2)
      tzinfo (~> 0.3.23)
    activesupport (3.0.4)
    arel (2.0.8)
    builder (2.1.2)
    i18n (0.5.0)
    tzinfo (0.3.24)

PLATFORMS
  ruby

DEPENDENCIES
  awesome_nested_set!
